GEM
  remote: https://rubygems.org/
  specs:
    byebug (6.0.2)
    celluloid (0.16.0)
      timers (~> 4.0.0)
    ffi (1.9.10)
    hitimes (1.2.2)
    listen (2.10.1)
      celluloid (~> 0.16.0)
      rb-fsevent (>= 0.9.3)
      rb-inotify (>= 0.9)
    rack (1.6.4)
    rack-cors (0.4.0)
    rb-fsevent (0.9.6)
    rb-inotify (0.9.5)
      ffi (>= 0.5.0)
    rerun (0.10.0)
      listen (~> 2.7, >= 2.7.3)
    timers (4.0.4)
      hitimes

PLATFORMS
  ruby

DEPENDENCIES
  byebug
  rack
  rack-cors
  rerun

BUNDLED WITH
   1.10.6
